PATH
  remote: .
  specs:
    bsb (0.0.16)
      activemodel

GEM
  remote: https://rubygems.org/
  specs:
    activemodel (7.0.3)
      activesupport (= 7.0.3)
    activesupport (7.0.3)
      concurrent-ruby (~> 1.0, >= 1.0.2)
      i18n (>= 1.6, < 2)
      minitest (>= 5.1)
      tzinfo (~> 2.0)
    concurrent-ruby (1.1.10)
    date (3.2.2)
    i18n (1.10.0)
      concurrent-ruby (~> 1.0)
    minitest (5.16.0)
    net-ftp (0.1.3)
      net-protocol
      time
    net-protocol (0.1.3)
      timeout
    rake (13.0.1)
    time (0.2.0)
      date
    timeout (0.3.0)
    tzinfo (2.0.4)
      concurrent-ruby (~> 1.0)

PLATFORMS
  ruby

DEPENDENCIES
  bsb!
  bundler (~> 2.0)
  net-ftp (~> 0.1.3)
  rake (~> 13.0)

BUNDLED WITH
   2.3.7
