PATH
  remote: .
  specs:
    bsb (0.0.15)
      activemodel

GEM
  remote: https://rubygems.org/
  specs:
    activemodel (6.1.6)
      activesupport (= 6.1.6)
    activesupport (6.1.6)
      concurrent-ruby (~> 1.0, >= 1.0.2)
      i18n (>= 1.6, < 2)
      minitest (>= 5.1)
      tzinfo (~> 2.0)
      zeitwerk (~> 2.3)
    concurrent-ruby (1.1.10)
    i18n (1.10.0)
      concurrent-ruby (~> 1.0)
    minitest (5.15.0)
    rake (13.0.1)
    tzinfo (2.0.4)
      concurrent-ruby (~> 1.0)
    zeitwerk (2.5.4)

PLATFORMS
  ruby

DEPENDENCIES
  bsb!
  bundler (~> 2.0)
  rake (~> 13.0)

BUNDLED WITH
   2.3.7
